GEM
  remote: https://rubygems.org/
  specs:
    colorize (0.8.1)
    faker (1.6.6)
      i18n (~> 0.5)
    i18n (0.7.0)
    minitest (5.9.0)

PLATFORMS
  ruby

DEPENDENCIES
  colorize
  faker
  minitest

BUNDLED WITH
   1.10.3
